GIT
  remote: git://github.com/jvshahid/buildr-dependency-extensions.git
  revision: 4dcf8b151b3cf8da98c5775248bd9e6d4773d1ab
  specs:
    buildr-dependency-extensions (0.2-java)
      buildr (>= 1.4.5)
      rake (= 0.8.7)
      rspec (= 2.1.0)
      rspec-core (= 2.1.0)
      rspec-expectations (= 2.1.0)
      rspec-mocks (= 2.1.0)
      xml-simple (~> 1.0.12)

GEM
  remote: http://rubygems.org/
  specs:
    atoulme-Antwrap (0.7.1-java)
    bouncy-castle-java (1.5.0146.1)
    builder (2.1.2)
    buildr (1.4.6-java)
      atoulme-Antwrap (= 0.7.1)
      builder (= 2.1.2)
      diff-lcs (= 1.1.2)
      highline (= 1.5.1)
      hoe (= 2.3.3)
      jruby-openssl (>= 0.7)
      json_pure (= 1.4.3)
      minitar (= 0.5.3)
      net-sftp (= 2.0.4)
      net-ssh (= 2.0.23)
      rake (= 0.8.7)
      rspec (= 2.1.0)
      rspec-core (= 2.1.0)
      rspec-expectations (= 2.1.0)
      rspec-mocks (= 2.1.0)
      rubyforge (= 2.0.3)
      rubyzip (= 0.9.4)
      xml-simple (= 1.0.12)
    diff-lcs (1.1.2)
    highline (1.5.1)
    hoe (2.3.3)
      rake (>= 0.8.7)
      rubyforge (>= 1.0.4)
    jruby-openssl (0.7.4)
      bouncy-castle-java
    json_pure (1.4.3)
    minitar (0.5.3)
    net-sftp (2.0.4)
      net-ssh (>= 2.0.9)
    net-ssh (2.0.23)
    rake (0.8.7)
    rspec (2.1.0)
      rspec-core (~> 2.1.0)
      rspec-expectations (~> 2.1.0)
      rspec-mocks (~> 2.1.0)
    rspec-core (2.1.0)
    rspec-expectations (2.1.0)
      diff-lcs (~> 1.1.2)
    rspec-mocks (2.1.0)
    rubyforge (2.0.3)
      json_pure (>= 1.1.7)
    rubyzip (0.9.4)
    xml-simple (1.0.12)

PLATFORMS
  java

DEPENDENCIES
  buildr
  buildr-dependency-extensions!
